GEM
  remote: https://rubygems.org/
  specs:
    airbrussh (1.3.1)
      sshkit (>= 1.6.1, != 1.7.0)
    bcrypt_pbkdf (1.0.0-x64-mingw32)
    capistrano (3.11.0)
      airbrussh (>= 1.0.0)
      i18n
      rake (>= 10.0.0)
      sshkit (>= 1.9.0)
    concurrent-ruby (1.1.5)
    ed25519 (1.2.4)
    i18n (1.6.0)
      concurrent-ruby (~> 1.0)
    net-scp (2.0.0)
      net-ssh (>= 2.6.5, < 6.0.0)
    net-ssh (5.2.0)
    rake (12.3.2)
    sshkit (1.18.2)
      net-scp (>= 1.1.2)
      net-ssh (>= 2.8.0)

PLATFORMS
  x64-mingw32

DEPENDENCIES
  bcrypt_pbkdf (~> 1.0)
  capistrano
  ed25519 (~> 1.2, >= 1.2.4)

BUNDLED WITH
   2.0.1
